GEM
  remote: http://src.bytemark.co.uk/gems/
  remote: https://rubygems.org/
  specs:
    ParseTree (3.0.5)
      RubyInline (>= 3.7.0)
      sexp_processor (>= 3.0.0)
    RedCloth (4.2.9)
    RubyInline (3.8.4)
      ZenTest
    ZenTest (4.3.1)
    actionmailer (2.3.18)
      actionpack (= 2.3.18)
    actionpack (2.3.18)
      activesupport (= 2.3.18)
      rack (~> 1.1.0)
    activerecord (2.3.18)
      activesupport (= 2.3.18)
    activeresource (2.3.18)
      activesupport (= 2.3.18)
    activesupport (2.3.18)
    addressable (2.3.5)
    authrpc (1.0.0)
    blankslate (2.1.2.4)
    bmdeals (0.0.3)
    builder (3.2.2)
    bytemark_web_services (0.26.2)
      validatable (>= 1.6.6)
    cgi_multipart_eof_fix (2.5.0)
    chronic (0.6.6)
    ci_reporter (1.9.1)
      builder (>= 2.1.2)
    coderay (1.1.0)
    columnize (0.2)
    crack (0.4.2)
      safe_yaml (~> 1.0.0)
    daemons (1.0.10)
    diff-lcs (1.1.2)
    faker (1.0.1)
      i18n (~> 0.4)
    fastthread (1.0.7)
    gem_plugin (0.2.3)
    haml (3.0.6)
    heckle (1.4.3)
      ParseTree (>= 2.0.0)
      ZenTest (>= 3.5.2)
      ruby2ruby (>= 1.1.6)
    hoe (2.6.0)
      rake (>= 0.8.7)
      rubyforge (>= 2.0.3)
    i18n (0.6.0)
    json_pure (1.4.3)
    metaclass (0.0.2)
    method_source (0.8.2)
    minitest (1.6.0)
    mocha (0.10.0)
      metaclass (~> 0.0.1)
    mysql2 (0.2.21)
    nokogiri (1.5.0)
    packet (0.1.15)
    parslet (1.5.0)
      blankslate (~> 2.0)
    polyglot (0.2.8)
    pry (0.9.12.6)
      coderay (~> 1.0)
      method_source (~> 0.8)
      slop (~> 3.4)
    puma (2.7.1)
      rack (>= 1.1, < 2.0)
    rack (1.1.0)
    rails (2.3.18)
      actionmailer (= 2.3.18)
      actionpack (= 2.3.18)
      activerecord (= 2.3.18)
      activeresource (= 2.3.18)
      activesupport (= 2.3.18)
      rake (>= 0.8.3)
    rake (0.9.2.2)
    rspec (1.3.0)
    rspec-rails (1.3.2)
      rack (>= 1.0.0)
      rspec (>= 1.3.0)
    ruby2ruby (1.2.4)
      ruby_parser (~> 2.0)
      sexp_processor (~> 3.0)
    ruby_parser (2.0.4)
      sexp_processor (~> 3.0)
    rubyforge (2.0.4)
      json_pure (>= 1.1.7)
    safe_yaml (1.0.1)
    sexp_processor (3.0.4)
    slop (3.4.7)
    soap4r-ruby1.9 (2.0.5)
    syntax (1.0.0)
    syslogger (1.4.2)
    term-ansicolor (1.0.3)
    treetop (1.3.0)
      polyglot (>= 0.2.5)
    validatable (1.6.7)
    webmock (1.17.3)
      addressable (>= 2.2.7)
      crack (>= 0.3.2)

PLATFORMS
  ruby

DEPENDENCIES
  ParseTree (= 3.0.5)
  RedCloth (= 4.2.9)
  RubyInline (= 3.8.4)
  ZenTest (= 4.3.1)
  activerecord-jdbc-adapter
  activerecord-jdbcmysql-adapter
  authrpc (~> 1.0.0)
  bmdeals (= 0.0.3)
  bytemark_web_services (= 0.26.2)
  cgi_multipart_eof_fix (= 2.5.0)
  chronic (= 0.6.6)
  ci_reporter
  columnize (= 0.2)
  daemons (= 1.0.10)
  diff-lcs (= 1.1.2)
  faker (= 1.0.1)
  fastthread (= 1.0.7)
  gem_plugin (= 0.2.3)
  haml (= 3.0.6)
  heckle (= 1.4.3)
  hoe (= 2.6.0)
  i18n (= 0.6.0)
  json_pure (= 1.4.3)
  minitest (= 1.6.0)
  mocha (= 0.10.0)
  mysql2 (= 0.2.21)
  nokogiri (= 1.5.0)
  packet (= 0.1.15)
  parslet (= 1.5.0)
  polyglot (= 0.2.8)
  pry
  puma
  rack (= 1.1.0)
  rails (~> 2.3.11)
  rake (= 0.9.2.2)
  rspec (= 1.3.0)
  rspec-rails (= 1.3.2)
  ruby2ruby (= 1.2.4)
  ruby_parser (= 2.0.4)
  rubyforge (= 2.0.4)
  sexp_processor (= 3.0.4)
  soap4r-ruby1.9 (= 2.0.5)
  syntax (= 1.0.0)
  syslogger (= 1.4.2)
  term-ansicolor (= 1.0.3)
  treetop (= 1.3.0)
  validatable (= 1.6.7)
  webmock
